GEM
  remote: http://rubygems.org/
  specs:
    ParseTree (3.0.9)
      RubyInline (~> 3.9.0)
      sexp_processor (~> 3.2.0)
    RubyInline (3.9.0)
      ZenTest (~> 4.3)
    ZenTest (4.11.0)
    chunky_png (1.3.4)
    compass (1.0.3)
      chunky_png (~> 1.2)
      compass-core (~> 1.0.2)
      compass-import-once (~> 1.0.5)
      rb-fsevent (>= 0.9.3)
      rb-inotify (>= 0.9)
      sass (>= 3.3.13, < 3.5)
    compass-core (1.0.3)
      multi_json (~> 1.0)
      sass (>= 3.3.0, < 3.5)
    compass-import-once (1.0.5)
      sass (>= 3.2, < 3.5)
    ffi (1.9.10)
    multi_json (1.11.1)
    open4 (1.3.4)
    php (0.1.1)
      ParseTree (>= 3.0.4)
      open4 (>= 1.0.1)
      ruby_parser (>= 2.0.4)
      sexp_processor (>= 3.0.3)
    rb-fsevent (0.9.5)
    rb-inotify (0.9.5)
      ffi (>= 0.5.0)
    ruby_parser (2.3.1)
      sexp_processor (~> 3.0)
    sass (3.4.15)
    sexp_processor (3.2.0)

PLATFORMS
  ruby

DEPENDENCIES
  compass
  php

BUNDLED WITH
   1.10.5
